PATH
  remote: .
  specs:
    mvn2 (2.6.10)
      everyday-cli-utils (~> 1.8, >= 1.8.6)
      everyday-plugins (~> 1.2)

GEM
  remote: https://rubygems.org/
  specs:
    everyday-cli-utils (1.8.6)
    everyday-plugins (1.2.1)
      everyday-cli-utils (~> 1.8, >= 1.8.6)
    rake (10.5.0)

PLATFORMS
  ruby

DEPENDENCIES
  bundler (~> 1.10, >= 1.10.4)
  mvn2!
  rake (~> 10.4)

BUNDLED WITH
   1.11.2
