PATH
  remote: .
  specs:
    mvn2 (2.7.4)
      everyday-cli-utils (~> 1.8, >= 1.8.7.2)
      everyday-plugins (~> 1.2, >= 1.2.2)

GEM
  remote: https://rubygems.org/
  specs:
    everyday-cli-utils (1.8.7.2)
    everyday-plugins (1.2.2)
      everyday-cli-utils (~> 1.8, >= 1.8.7.2)
    rake (12.3.3)

PLATFORMS
  ruby

DEPENDENCIES
  bundler (~> 2.0)
  mvn2!
  rake (~> 12.3)

BUNDLED WITH
   2.0.2
