PATH
  remote: .
  specs:
    mvn2 (2.6.7)
      everyday-cli-utils (~> 1.8, >= 1.8.2)
      everyday-plugins (~> 1.2)

GEM
  remote: https://rubygems.org/
  specs:
    everyday-cli-utils (1.8.2)
    everyday-plugins (1.2.0)
      everyday-cli-utils (~> 1.7)
    rake (10.4.2)

PLATFORMS
  ruby

DEPENDENCIES
  bundler (~> 1.10, >= 1.10.4)
  mvn2!
  rake (~> 10.4)

BUNDLED WITH
   1.10.4
